GEM
  remote: https://rubygems.org/
  specs:
    regexp_parser (1.6.0)
    string_pattern (2.2.1)
      regexp_parser (~> 1.3, >= 1.3.0)

PLATFORMS
  ruby

DEPENDENCIES
  string_pattern

BUNDLED WITH
   1.16.2
